GIT
  remote: git://github.com/braintree/braintree_ruby.git
  revision: 7582b329bf26b91ad19f68c10e94a30b735a73fe
  branch: raw_apple_pay_preview
  specs:
    braintree (2.40.0)
      builder (>= 2.0.0)

PATH
  remote: .
  specs:
    activemerchant (1.49.0)
      activesupport (>= 3.2.14, < 5.0.0)
      builder (>= 2.1.2, < 4.0.0)
      i18n (>= 0.6.9)
      nokogiri (~> 1.4)

GEM
  remote: https://rubygems.org/
  specs:
    activesupport (4.2.1)
      i18n (~> 0.7)
      json (~> 1.7, >= 1.7.7)
      minitest (~> 5.1)
      thread_safe (~> 0.3, >= 0.3.4)
      tzinfo (~> 1.1)
    builder (3.2.2)
    i18n (0.7.0)
    json (1.8.2)
    metaclass (0.0.4)
    mini_portile (0.6.2)
    minitest (5.6.1)
    mocha (1.1.0)
      metaclass (~> 0.0.1)
    nokogiri (1.6.6.2)
      mini_portile (~> 0.6.0)
    power_assert (0.2.3)
    rake (10.4.2)
    test-unit (3.0.9)
      power_assert
    thor (0.19.1)
    thread_safe (0.3.5)
    tzinfo (1.2.2)
      thread_safe (~> 0.1)

PLATFORMS
  ruby

DEPENDENCIES
  activemerchant!
  braintree!
  jruby-openssl
  mocha (~> 1)
  rake
  test-unit (~> 3)
  thor
